GEM
  remote: https://rubygems.org/
  specs:
    addressable (2.4.0)

PLATFORMS
  ruby

DEPENDENCIES
  addressable (= 2.4.0)

BUNDLED WITH
   1.11.2
